GIT
  remote: https://github.com/NeoRaider/soup-client.git
  revision: ba3fedb01755cfa6f4b271d43e6d971404c4813a
  specs:
    soup-client (0.0.2)
      faraday
      http-cookie
      nokogiri

GIT
  remote: https://github.com/NeoRaider/tumblr_client.git
  revision: 699f5c02bfe4159c00fa919486daabf6c230a5fe
  specs:
    tumblr_client (0.8.5)
      faraday (<= 1.0.0)
      faraday_middleware (<= 1.0.0)
      json
      mime-types
      oauth
      simple_oauth

GEM
  remote: https://rubygems.org/
  specs:
    domain_name (0.5.20190701)
      unf (>= 0.0.5, < 1.0.0)
    faraday (1.0.0)
      multipart-post (>= 1.2, < 3)
    faraday_middleware (1.0.0.rc1)
      faraday (~> 1.0)
    http-cookie (1.0.3)
      domain_name (~> 0.5)
    json (2.3.0)
    mime-types (3.3.1)
      mime-types-data (~> 3.2015)
    mime-types-data (3.2019.1009)
    mini_portile2 (2.4.0)
    multipart-post (2.1.1)
    nokogiri (1.10.9)
      mini_portile2 (~> 2.4.0)
    oauth (0.5.4)
    simple_oauth (0.3.1)
    unf (0.1.4)
      unf_ext
    unf_ext (0.0.7.6)

PLATFORMS
  ruby

DEPENDENCIES
  soup-client!
  tumblr_client!

BUNDLED WITH
   2.1.4
