GIT
  remote: https://github.com/NeoRaider/soup-client.git
  revision: f88f59092c0673b6f324fab466c0d67a1e50ee94
  specs:
    soup-client (0.0.2)
      faraday
      http-cookie
      nokogiri

GIT
  remote: https://github.com/NeoRaider/tumblr_client.git
  revision: 699f5c02bfe4159c00fa919486daabf6c230a5fe
  specs:
    tumblr_client (0.8.5)
      faraday (<= 1.0.0)
      faraday_middleware (<= 1.0.0)
      json
      mime-types
      oauth
      simple_oauth

GEM
  remote: https://rubygems.org/
  specs:
    domain_name (0.5.20180417)
      unf (>= 0.0.5, < 1.0.0)
    faraday (0.15.3)
      multipart-post (>= 1.2, < 3)
    faraday_middleware (0.12.2)
      faraday (>= 0.7.4, < 1.0)
    http-cookie (1.0.3)
      domain_name (~> 0.5)
    json (2.1.0)
    mime-types (3.2.2)
      mime-types-data (~> 3.2015)
    mime-types-data (3.2018.0812)
    mini_portile2 (2.3.0)
    multipart-post (2.0.0)
    nokogiri (1.8.5)
      mini_portile2 (~> 2.3.0)
    oauth (0.5.4)
    simple_oauth (0.3.1)
    unf (0.1.4)
      unf_ext
    unf_ext (0.0.7.5)

PLATFORMS
  ruby

DEPENDENCIES
  soup-client!
  tumblr_client!

BUNDLED WITH
   1.16.1
